GIT
  remote: https://github.com/yykamei/t34_gem.git
  revision: 6fd8cdfa44ae166c61b368843fc901815131ba88
  specs:
    t34_gem (0.1.6)

GEM
  remote: https://rubygems.org/
  specs:

PLATFORMS
  arm64-darwin-22
  x86_64-linux

DEPENDENCIES
  t34_gem!

BUNDLED WITH
   2.5.0.dev
