GIT
  remote: https://github.com/yykamei/t34_gem.git
  revision: c1ae9e840435294d0bde9927edbb6ed5fec9e9a9
  specs:
    t34_gem (0.1.8)

GEM
  remote: https://rubygems.org/
  specs:

PLATFORMS
  arm64-darwin-22
  x86_64-linux

DEPENDENCIES
  t34_gem!

BUNDLED WITH
   2.5.0.dev
