GIT
  remote: https://github.com/yykamei/t34_gem.git
  revision: 02b99655ad01259f3a0ed8b383cded7064e4b761
  specs:
    t34_gem (0.1.10)

GEM
  remote: https://rubygems.org/
  specs:

PLATFORMS
  arm64-darwin-22
  x86_64-linux

DEPENDENCIES
  t34_gem!

BUNDLED WITH
   2.5.0.dev
