GIT
  remote: https://github.com/yykamei/t34_gem.git
  revision: 26394ebf1aab45d0fe495898b9a80e551bfdcb01
  specs:
    t34_gem (0.1.21)

GEM
  remote: https://rubygems.org/
  specs:

PLATFORMS
  arm64-darwin-22
  x86_64-linux

DEPENDENCIES
  t34_gem!

BUNDLED WITH
   2.5.0.dev
