GIT
  remote: https://github.com/yykamei/t34_gem.git
  revision: f2e93eafa5b8c6b499a045d5d8f2f9ac2c9f1d2f
  specs:
    t34_gem (0.1.16)

GEM
  remote: https://rubygems.org/
  specs:

PLATFORMS
  arm64-darwin-22
  x86_64-linux

DEPENDENCIES
  t34_gem!

BUNDLED WITH
   2.5.0.dev
