GIT
  remote: https://github.com/yykamei/t34_gem.git
  revision: 3eb041a3e607aa8505630c9d63575e0f4af3b251
  specs:
    t34_gem (0.1.12)

GEM
  remote: https://rubygems.org/
  specs:

PLATFORMS
  arm64-darwin-22
  x86_64-linux

DEPENDENCIES
  t34_gem!

BUNDLED WITH
   2.5.0.dev
