GIT
  remote: https://github.com/yykamei/t34_gem.git
  revision: 1e68766106a92dabc6b18389bfe1c1d8df5cf16f
  specs:
    t34_gem (0.1.13)

GEM
  remote: https://rubygems.org/
  specs:

PLATFORMS
  arm64-darwin-22
  x86_64-linux

DEPENDENCIES
  t34_gem!

BUNDLED WITH
   2.5.0.dev
