GIT
  remote: https://github.com/yykamei/t34_gem.git
  revision: dde7bfdc7ba94b5f97a587a67ffc0dc4bf879fc9
  specs:
    t34_gem (0.1.2)

GEM
  remote: https://rubygems.org/
  specs:

PLATFORMS
  arm64-darwin-22
  x86_64-linux

DEPENDENCIES
  t34_gem!

BUNDLED WITH
   2.5.0.dev
