GIT
  remote: https://github.com/yykamei/t34_gem.git
  revision: b9379723f1b4183a582d8e1eaa0f113293f8a757
  specs:
    t34_gem (0.1.18)

GEM
  remote: https://rubygems.org/
  specs:

PLATFORMS
  arm64-darwin-22
  x86_64-linux

DEPENDENCIES
  t34_gem!

BUNDLED WITH
   2.5.0.dev
