GIT
  remote: https://github.com/yykamei/t34_gem.git
  revision: cee0e118783ef52a258fadd1116996b9dc746687
  specs:
    t34_gem (0.1.1)

GEM
  remote: https://rubygems.org/
  specs:

PLATFORMS
  arm64-darwin-22
  x86_64-linux

DEPENDENCIES
  t34_gem!

BUNDLED WITH
   2.5.0.dev
