GIT
  remote: https://github.com/yykamei/t34_gem.git
  revision: 0c10473582d7e36fa3f10a8f4707b1447e29e8cb
  specs:
    t34_gem (0.1.19)

GEM
  remote: https://rubygems.org/
  specs:

PLATFORMS
  arm64-darwin-22
  x86_64-linux

DEPENDENCIES
  t34_gem!

BUNDLED WITH
   2.5.0.dev
