GIT
  remote: https://github.com/yykamei/t34_gem.git
  revision: 31150c374a92bda6659f89569f0ff0c80ddbf7ac
  specs:
    t34_gem (0.1.9)

GEM
  remote: https://rubygems.org/
  specs:

PLATFORMS
  arm64-darwin-22
  x86_64-linux

DEPENDENCIES
  t34_gem!

BUNDLED WITH
   2.5.0.dev
