GIT
  remote: https://github.com/yykamei/t34_gem.git
  revision: 1c8380f389c0562472f02675c4be47df52908d06
  specs:
    t34_gem (0.1.15)

GEM
  remote: https://rubygems.org/
  specs:

PLATFORMS
  arm64-darwin-22
  x86_64-linux

DEPENDENCIES
  t34_gem!

BUNDLED WITH
   2.5.0.dev
