GIT
  remote: https://github.com/yykamei/t34_gem.git
  revision: 6786f96aea7a69ed9cf386e60a6d2aae98170057
  specs:
    t34_gem (0.1.4)

GEM
  remote: https://rubygems.org/
  specs:

PLATFORMS
  arm64-darwin-22
  x86_64-linux

DEPENDENCIES
  t34_gem!

BUNDLED WITH
   2.5.0.dev
