GIT
  remote: https://github.com/yykamei/t34_gem.git
  revision: 1717a1b570425c00290dde365c4ed612c5dfc91d
  specs:
    t34_gem (0.1.11)

GEM
  remote: https://rubygems.org/
  specs:

PLATFORMS
  arm64-darwin-22
  x86_64-linux

DEPENDENCIES
  t34_gem!

BUNDLED WITH
   2.5.0.dev
